GEM
  remote: https://rubygems.org/
  specs:
    as-notifications (1.0.1)
    coderay (1.1.0)
    diff-lcs (1.2.5)
    i18n (0.7.0)
    method_source (0.8.2)
    msgpack (0.7.4)
    multi_json (1.11.2)
    oj (2.14.4)
    pry (0.10.3)
      coderay (~> 1.1.0)
      method_source (~> 0.8.1)
      slop (~> 3.4)
    rspec (3.4.0)
      rspec-core (~> 3.4.0)
      rspec-expectations (~> 3.4.0)
      rspec-mocks (~> 3.4.0)
    rspec-core (3.4.2)
      rspec-support (~> 3.4.0)
    rspec-expectations (3.4.0)
      diff-lcs (>= 1.2.0, < 2.0)
      rspec-support (~> 3.4.0)
    rspec-mocks (3.4.1)
      diff-lcs (>= 1.2.0, < 2.0)
      rspec-support (~> 3.4.0)
    rspec-support (3.4.1)
    sequel (4.31.0)
    slop (3.6.0)
    sqlite3 (1.3.11)
    webmachine (1.4.0)
      as-notifications (~> 1.0)
      i18n (>= 0.4.0)
      multi_json
    webmachine-test (0.3.0)
      webmachine

PLATFORMS
  ruby

DEPENDENCIES
  msgpack
  oj
  pry
  rspec
  sequel
  sqlite3
  webmachine
  webmachine-test

BUNDLED WITH
   1.11.2
